PATH
  remote: .
  specs:
    drunit (0.5.0)
      ruby2ruby (~> 1.1.0)

GEM
  remote: http://rubygems.org/
  specs:
    ParseTree (3.0.7)
      RubyInline (>= 3.7.0)
      sexp_processor (>= 3.0.0)
    RubyInline (3.9.0)
      ZenTest (~> 4.3)
    ZenTest (4.5.0)
    hoe (2.9.1)
      rake (>= 0.8.7)
    rake (0.8.7)
    ruby2ruby (1.1.9)
      ParseTree
      hoe (>= 1.5.3)
    sexp_processor (3.0.5)

PLATFORMS
  ruby

DEPENDENCIES
  drunit!
