PATH
  remote: .
  specs:
    drunit (0.5.1)
      ruby2ruby (= 1.2.2)

GEM
  remote: http://rubygems.org/
  specs:
    ParseTree (3.0.9)
      RubyInline (~> 3.9.0)
      sexp_processor (~> 3.2.0)
    RubyInline (3.9.0)
      ZenTest (~> 4.3)
    ZenTest (4.12.0)
    hoe (3.22.1)
      rake (>= 0.8, < 15.0)
    rake (13.0.1)
    ruby2ruby (1.2.2)
      ParseTree (~> 3.0)
      hoe (>= 1.8.2)
    sexp_processor (3.2.0)

PLATFORMS
  ruby

DEPENDENCIES
  drunit!
  rake
