PATH
  remote: .
  specs:
    drunit (0.5.11)
      ruby2ruby (= 1.2.2)

GEM
  remote: http://rubygems.org/
  specs:
    ParseTree (3.0.7)
      RubyInline (>= 3.7.0)
      sexp_processor (>= 3.0.0)
    RubyInline (3.9.0)
      ZenTest (~> 4.3)
    ZenTest (4.5.0)
    rake (0.8.7)
    ruby2ruby (1.2.2)
      ParseTree (~> 3.0)
    sexp_processor (3.0.5)

PLATFORMS
  ruby

DEPENDENCIES
  drunit!
  rake
